GEM
  remote: https://rubygems.org/
  specs:
    gosu (1.3.0)
    matrix (0.4.2)

PLATFORMS
  x86_64-linux

DEPENDENCIES
  gosu
  matrix

BUNDLED WITH
   2.2.28
